GEM
  remote: https://rubygems.org/
  specs:
    chunky_png (1.3.8)
    color_difference (0.0.1)
    mini_magick (4.6.1)

PLATFORMS
  ruby

DEPENDENCIES
  chunky_png
  color_difference
  mini_magick

BUNDLED WITH
   1.13.3
