GEM
  remote: https://rubygems.org/
  specs:
    chunky_png (1.4.0)
    color_difference (0.0.1)
    mini_magick (4.12.0)

PLATFORMS
  ruby

DEPENDENCIES
  chunky_png
  color_difference
  mini_magick

BUNDLED WITH
   2.4.19
